GEM
  remote: https://rubygems.org/
  specs:
    ast (2.4.2)
    nio4r (2.5.8)
    parallel (1.21.0)
    parser (3.1.0.0)
      ast (~> 2.4.1)
    puma (5.6.4)
      nio4r (~> 2.0)
    rack (2.2.3)
    rack-unreloader (1.8.0)
    rainbow (3.0.0)
    regexp_parser (2.2.0)
    rexml (3.2.5)
    roda (3.51.0)
      rack
    rubocop (1.24.1)
      parallel (~> 1.10)
      parser (>= 3.0.0.0)
      rainbow (>= 2.2.2, < 4.0)
      regexp_parser (>= 1.8, < 3.0)
      rexml
      rubocop-ast (>= 1.15.1, < 2.0)
      ruby-progressbar (~> 1.7)
      unicode-display_width (>= 1.4.0, < 3.0)
    rubocop-ast (1.15.1)
      parser (>= 3.0.1.1)
    ruby-progressbar (1.11.0)
    unicode-display_width (2.1.0)

PLATFORMS
  x86_64-linux

DEPENDENCIES
  puma
  rack-unreloader
  roda
  rubocop

BUNDLED WITH
   2.2.22
